GIT
  remote: https://github.com/DFE-Digital/dfe-analytics.git
  revision: 99333dd48115f5d4f13e1fd6bc11b53197ecaa53
  tag: v1.15.8
  specs:
    dfe-analytics (1.15.8)
      google-cloud-bigquery (~> 1.38)
      httparty (~> 0.21)
      multi_xml (~> 0.6.0)
      request_store_rails (~> 2)

GIT
  remote: https://github.com/DFE-Digital/dfe-reference-data.git
  revision: 30de554655f37807d38ecdf6f5af4a0e3463cce6
  tag: v3.8.3
  specs:
    dfe-reference-data (3.8.3)
      activesupport
      tzinfo

GEM
  remote: https://rubygems.org/
  specs:
    actioncable (7.2.2.2)
      actionpack (= 7.2.2.2)
      activesupport (= 7.2.2.2)
      nio4r (~> 2.0)
      websocket-driver (>= 0.6.1)
      zeitwerk (~> 2.6)
    actionmailbox (7.2.2.2)
      actionpack (= 7.2.2.2)
      activejob (= 7.2.2.2)
      activerecord (= 7.2.2.2)
      activestorage (= 7.2.2.2)
      activesupport (= 7.2.2.2)
      mail (>= 2.8.0)
    actionmailer (7.2.2.2)
      actionpack (= 7.2.2.2)
      actionview (= 7.2.2.2)
      activejob (= 7.2.2.2)
      activesupport (= 7.2.2.2)
      mail (>= 2.8.0)
      rails-dom-testing (~> 2.2)
    actionpack (7.2.2.2)
      actionview (= 7.2.2.2)
      activesupport (= 7.2.2.2)
      nokogiri (>= 1.8.5)
      racc
      rack (>= 2.2.4, < 3.2)
      rack-session (>= 1.0.1)
      rack-test (>= 0.6.3)
      rails-dom-testing (~> 2.2)
      rails-html-sanitizer (~> 1.6)
      useragent (~> 0.16)
    actiontext (7.2.2.2)
      actionpack (= 7.2.2.2)
      activerecord (= 7.2.2.2)
      activestorage (= 7.2.2.2)
      activesupport (= 7.2.2.2)
      globalid (>= 0.6.0)
      nokogiri (>= 1.8.5)
    actionview (7.2.2.2)
      activesupport (= 7.2.2.2)
      builder (~> 3.1)
      erubi (~> 1.11)
      rails-dom-testing (~> 2.2)
      rails-html-sanitizer (~> 1.6)
    activejob (7.2.2.2)
      activesupport (= 7.2.2.2)
      globalid (>= 0.3.6)
    activemodel (7.2.2.2)
      activesupport (= 7.2.2.2)
    activerecord (7.2.2.2)
      activemodel (= 7.2.2.2)
      activesupport (= 7.2.2.2)
      timeout (>= 0.4.0)
    activerecord-session_store (2.2.0)
      actionpack (>= 7.0)
      activerecord (>= 7.0)
      cgi (>= 0.3.6)
      rack (>= 2.0.8, < 4)
      railties (>= 7.0)
    activestorage (7.2.2.2)
      actionpack (= 7.2.2.2)
      activejob (= 7.2.2.2)
      activerecord (= 7.2.2.2)
      activesupport (= 7.2.2.2)
      marcel (~> 1.0)
    activesupport (7.2.2.2)
      base64
      benchmark (>= 0.3)
      bigdecimal
      concurrent-ruby (~> 1.0, >= 1.3.1)
      connection_pool (>= 2.2.5)
      drb
      i18n (>= 1.6, < 2)
      logger (>= 1.4.2)
      minitest (>= 5.1)
      securerandom (>= 0.3)
      tzinfo (~> 2.0, >= 2.0.5)
    addressable (2.8.7)
      public_suffix (>= 2.0.2, < 7.0)
    aes_key_wrap (1.1.0)
    amazing_print (1.8.1)
    annotate (3.2.0)
      activerecord (>= 3.2, < 8.0)
      rake (>= 10.4, < 14.0)
    anyway_config (2.7.2)
      ruby-next-core (~> 1.0)
    ast (2.4.3)
    attr_required (1.0.2)
    audited (5.8.0)
      activerecord (>= 5.2, < 8.2)
      activesupport (>= 5.2, < 8.2)
    auto_strip_attributes (2.6.0)
      activerecord (>= 4.0)
    awesome_print (1.9.2)
    azure-blob (0.5.9.1)
      rexml
    base32 (0.3.4)
    base64 (0.3.0)
    benchmark (0.4.1)
    benchmark-malloc (0.2.0)
    benchmark-memory (0.2.0)
      memory_profiler (~> 1)
    benchmark-perf (0.6.0)
    benchmark-trend (0.4.0)
    better_html (2.1.1)
      actionview (>= 6.0)
      activesupport (>= 6.0)
      ast (~> 2.0)
      erubi (~> 1.4)
      parser (>= 2.4)
      smart_properties
    bigdecimal (3.2.3)
    bindata (2.5.0)
    blazer (3.3.0)
      activerecord (>= 7.1)
      chartkick (>= 5)
      csv
      railties (>= 7.1)
      safely_block (>= 0.4)
    bootsnap (1.18.6)
      msgpack (~> 1.2)
    builder (3.3.0)
    bullet (8.0.8)
      activesupport (>= 3.0.0)
      uniform_notifier (~> 1.11)
    bundle-audit (0.1.0)
      bundler-audit
    bundler-audit (0.9.1)
      bundler (>= 1.2.0, < 3)
      thor (~> 1.0)
    byebug (12.0.0)
    canonical-rails (0.2.17)
      actionview (>= 4.1, < 8.1)
    capybara (3.40.0)
      addressable
      matrix
      mini_mime (>= 0.1.3)
      nokogiri (~> 1.11)
      rack (>= 1.6.0)
      rack-test (>= 0.6.3)
      regexp_parser (>= 1.5, < 3.0)
      xpath (~> 3.2)
    cgi (0.4.2)
    charlock_holmes (0.7.9)
    chartkick (5.1.4)
    childprocess (5.1.0)
      logger (~> 1.5)
    choice (0.2.0)
    cloudfront-rails (0.4.0)
      railties (> 4.0)
    coderay (1.1.3)
    colorize (1.1.0)
    concurrent-ruby (1.3.5)
    config (5.6.1)
      deep_merge (~> 1.2, >= 1.2.1)
      ostruct
    connection_pool (2.5.4)
    crack (1.0.0)
      bigdecimal
      rexml
    crass (1.0.6)
    cronex (0.15.0)
      tzinfo
      unicode (>= 0.4.4.5)
    cssbundling-rails (1.4.3)
      railties (>= 6.0.0)
    csv (3.3.5)
    csv-safe (3.3.1)
      csv (~> 3.0)
    cuprite (0.17)
      capybara (~> 3.0)
      ferrum (~> 0.17.0)
    data_migrate (11.3.0)
      activerecord (>= 6.1)
      railties (>= 6.1)
    database_cleaner-active_record (2.2.2)
      activerecord (>= 5.a)
      database_cleaner-core (~> 2.0)
    database_cleaner-core (2.0.1)
    date (3.4.1)
    debug (1.11.0)
      irb (~> 1.10)
      reline (>= 0.3.8)
    declarative (0.0.20)
    deep_merge (1.2.2)
    diff-lcs (1.6.2)
    discard (1.4.0)
      activerecord (>= 4.2, < 9.0)
    docile (1.4.0)
    domain_name (0.6.20240107)
    dotenv (3.1.8)
    dotenv-rails (3.1.8)
      dotenv (= 3.1.8)
      railties (>= 6.1)
    drb (2.2.3)
    dry-initializer (3.2.0)
    email_validator (2.2.4)
      activemodel
    erb (5.0.2)
    erb_lint (0.9.0)
      activesupport
      better_html (>= 2.0.1)
      parser (>= 2.7.1.4)
      rainbow
      rubocop (>= 1)
      smart_properties
    erubi (1.13.1)
    et-orbi (1.3.0)
      tzinfo
    factory_bot (6.5.1)
      activesupport (>= 6.1.0)
    factory_bot_rails (6.4.4)
      factory_bot (~> 6.5)
      railties (>= 5.0.0)
    faker (3.5.2)
      i18n (>= 1.8.11, < 2)
    faraday (2.13.4)
      faraday-net_http (>= 2.0, < 3.5)
      json
      logger
    faraday-follow_redirects (0.3.0)
      faraday (>= 1, < 3)
    faraday-net_http (3.4.1)
      net-http (>= 0.5.0)
    ferrum (0.17.1)
      addressable (~> 2.5)
      base64 (~> 0.2)
      concurrent-ruby (~> 1.1)
      webrick (~> 1.7)
      websocket-driver (~> 0.7)
    ffi (1.17.1-arm64-darwin)
    ffi (1.17.1-x86_64-linux-gnu)
    ffi (1.17.1-x86_64-linux-musl)
    flamegraph (0.9.5)
    foreman (0.90.0)
      thor (~> 1.4)
    front_matter_parser (1.0.1)
    fugit (1.11.1)
      et-orbi (~> 1, >= 1.2.11)
      raabro (~> 1.4)
    globalid (1.2.1)
      activesupport (>= 6.1)
    google-apis-bigquery_v2 (0.93.0)
      google-apis-core (>= 0.15.0, < 2.a)
    google-apis-core (1.0.2)
      addressable (~> 2.8, >= 2.8.7)
      faraday (~> 2.13)
      faraday-follow_redirects (~> 0.3)
      googleauth (~> 1.14)
      mini_mime (~> 1.1)
      representable (~> 3.0)
      retriable (~> 3.1)
    google-cloud-bigquery (1.59.0)
      bigdecimal (~> 3.0)
      concurrent-ruby (~> 1.0)
      google-apis-bigquery_v2 (~> 0.71)
      google-apis-core (>= 0.18, < 2)
      google-cloud-core (~> 1.6)
      googleauth (~> 1.9)
      mini_mime (~> 1.0)
    google-cloud-core (1.8.0)
      google-cloud-env (>= 1.0, < 3.a)
      google-cloud-errors (~> 1.0)
    google-cloud-env (2.3.1)
      base64 (~> 0.2)
      faraday (>= 1.0, < 3.a)
    google-cloud-errors (1.5.0)
    google-logging-utils (0.2.0)
    googleauth (1.15.0)
      faraday (>= 1.0, < 3.a)
      google-cloud-env (~> 2.2)
      google-logging-utils (~> 0.1)
      jwt (>= 1.4, < 4.0)
      multi_json (~> 1.11)
      os (>= 0.9, < 2.0)
      signet (>= 0.16, < 2.a)
    govuk-components (5.11.3)
      html-attributes-utils (~> 1.0.0, >= 1.0.0)
      pagy (>= 6, < 10)
      view_component (>= 4.0, < 4.1)
    govuk_design_system_formbuilder (5.10.1)
      actionview (>= 6.1)
      activemodel (>= 6.1)
      activesupport (>= 6.1)
      html-attributes-utils (~> 1)
    govuk_markdown (2.0.3)
      activesupport
      redcarpet
    govuk_notify_rails (3.0.0)
      notifications-ruby-client (~> 6.2)
      rails (>= 4.1.0)
    hashdiff (1.1.2)
    hashie (5.0.0)
    highline (3.0.1)
    html-attributes-utils (1.0.2)
      activesupport (>= 6.1.4.4)
    http-cookie (1.0.8)
      domain_name (~> 0.5)
    httparty (0.23.1)
      csv
      mini_mime (>= 1.0.0)
      multi_xml (>= 0.5.2)
    i18n (1.14.7)
      concurrent-ruby (~> 1.0)
    io-console (0.8.1)
    irb (1.15.2)
      pp (>= 0.6.0)
      rdoc (>= 4.0.0)
      reline (>= 0.4.2)
    jsbundling-rails (1.3.1)
      railties (>= 6.0.0)
    json (2.13.2)
    json-jwt (1.16.6)
      activesupport (>= 4.2)
      aes_key_wrap
      base64
      bindata
      faraday (~> 2.0)
      faraday-follow_redirects
    jwt (2.10.2)
      base64
    kaminari (1.2.2)
      activesupport (>= 4.1.0)
      kaminari-actionview (= 1.2.2)
      kaminari-activerecord (= 1.2.2)
      kaminari-core (= 1.2.2)
    kaminari-actionview (1.2.2)
      actionview
      kaminari-core (= 1.2.2)
    kaminari-activerecord (1.2.2)
      activerecord
      kaminari-core (= 1.2.2)
    kaminari-core (1.2.2)
    language_server-protocol (3.17.0.5)
    launchy (3.1.1)
      addressable (~> 2.8)
      childprocess (~> 5.0)
      logger (~> 1.6)
    lint_roller (1.1.0)
    listen (3.9.0)
      rb-fsevent (~> 0.10, >= 0.10.3)
      rb-inotify (~> 0.9, >= 0.9.10)
    logger (1.7.0)
    loofah (2.24.1)
      crass (~> 1.0.2)
      nokogiri (>= 1.12.0)
    mail (2.8.1)
      mini_mime (>= 0.1.1)
      net-imap
      net-pop
      net-smtp
    marcel (1.0.4)
    matrix (0.4.2)
    mechanize (2.14.0)
      addressable (~> 2.8)
      base64
      domain_name (~> 0.5, >= 0.5.20190701)
      http-cookie (~> 1.0, >= 1.0.3)
      mime-types (~> 3.3)
      net-http-digest_auth (~> 1.4, >= 1.4.1)
      net-http-persistent (>= 2.5.2, < 5.0.dev)
      nkf
      nokogiri (~> 1.11, >= 1.11.2)
      rubyntlm (~> 0.6, >= 0.6.3)
      webrick (~> 1.7)
      webrobots (~> 0.1.2)
    memory_profiler (1.1.0)
    method_source (1.1.0)
    mime-types (3.6.0)
      logger
      mime-types-data (~> 3.2015)
    mime-types-data (3.2025.0107)
    mini_mime (1.1.5)
    minitest (5.25.5)
    msgpack (1.8.0)
    multi_json (1.17.0)
    multi_xml (0.6.0)
    net-http (0.6.0)
      uri
    net-http-digest_auth (1.4.1)
    net-http-persistent (4.0.5)
      connection_pool (~> 2.2)
    net-imap (0.5.9)
      date
      net-protocol
    net-pop (0.1.2)
      net-protocol
    net-protocol (0.2.2)
      timeout
    net-smtp (0.5.1)
      net-protocol
    nio4r (2.7.4)
    nkf (0.2.0)
    nokogiri (1.18.10-arm64-darwin)
      racc (~> 1.4)
    nokogiri (1.18.10-x86_64-linux-gnu)
      racc (~> 1.4)
    nokogiri (1.18.10-x86_64-linux-musl)
      racc (~> 1.4)
    notifications-ruby-client (6.2.0)
      jwt (>= 1.5, < 3)
    omniauth (2.1.3)
      hashie (>= 3.4.6)
      rack (>= 2.2.3)
      rack-protection
    omniauth-rails_csrf_protection (1.0.2)
      actionpack (>= 4.2)
      omniauth (~> 2.0)
    omniauth_openid_connect (0.8.0)
      omniauth (>= 1.9, < 3)
      openid_connect (~> 2.2)
    openid_connect (2.3.0)
      activemodel
      attr_required (>= 1.0.0)
      email_validator
      faraday (~> 2.0)
      faraday-follow_redirects
      json-jwt (>= 1.16)
      mail
      rack-oauth2 (~> 2.2)
      swd (~> 2.0)
      tzinfo
      validate_url
      webfinger (~> 2.0)
    options (2.3.2)
    os (1.1.4)
    ostruct (0.6.2)
    pagy (9.4.0)
    parallel (1.27.0)
    parallel_tests (5.4.0)
      parallel
    parser (3.3.9.0)
      ast (~> 2.4.1)
      racc
    pg (1.6.2-arm64-darwin)
    pg (1.6.2-x86_64-linux)
    pg (1.6.2-x86_64-linux-musl)
    pg_search (2.3.7)
      activerecord (>= 6.1)
      activesupport (>= 6.1)
    pp (0.6.2)
      prettyprint
    prettyprint (0.2.0)
    prism (1.4.0)
    progress_bar (1.3.4)
      highline (>= 1.6)
      options (~> 2.3.0)
    prometheus-client (4.2.5)
      base64
    pry (0.15.2)
      coderay (~> 1.1)
      method_source (~> 1.0)
    pry-byebug (3.11.0)
      byebug (~> 12.0)
      pry (>= 0.13, < 0.16)
    psych (5.2.6)
      date
      stringio
    public_suffix (6.0.2)
    puma (7.0.4)
      nio4r (~> 2.0)
    pundit (2.5.2)
      activesupport (>= 3.0.0)
    raabro (1.4.0)
    racc (1.8.1)
    rack (2.2.18)
    rack-attack (6.7.0)
      rack (>= 1.0, < 4)
    rack-mini-profiler (4.0.1)
      rack (>= 1.2.0)
    rack-oauth2 (2.2.1)
      activesupport
      attr_required
      faraday (~> 2.0)
      faraday-follow_redirects
      json-jwt (>= 1.11.0)
      rack (>= 2.1.0)
    rack-protection (3.2.0)
      base64 (>= 0.1.0)
      rack (~> 2.2, >= 2.2.4)
    rack-session (1.0.2)
      rack (< 3)
    rack-test (2.2.0)
      rack (>= 1.3)
    rackup (1.0.1)
      rack (< 3)
      webrick
    rails (7.2.2.2)
      actioncable (= 7.2.2.2)
      actionmailbox (= 7.2.2.2)
      actionmailer (= 7.2.2.2)
      actionpack (= 7.2.2.2)
      actiontext (= 7.2.2.2)
      actionview (= 7.2.2.2)
      activejob (= 7.2.2.2)
      activemodel (= 7.2.2.2)
      activerecord (= 7.2.2.2)
      activestorage (= 7.2.2.2)
      activesupport (= 7.2.2.2)
      bundler (>= 1.15.0)
      railties (= 7.2.2.2)
    rails-controller-testing (1.0.5)
      actionpack (>= 5.0.1.rc1)
      actionview (>= 5.0.1.rc1)
      activesupport (>= 5.0.1.rc1)
    rails-dom-testing (2.3.0)
      activesupport (>= 5.0.0)
      minitest
      nokogiri (>= 1.6)
    rails-erd (1.7.2)
      activerecord (>= 4.2)
      activesupport (>= 4.2)
      choice (~> 0.2.0)
      ruby-graphviz (~> 1.2)
    rails-html-sanitizer (1.6.2)
      loofah (~> 2.21)
      nokogiri (>= 1.15.7, != 1.16.7, != 1.16.6, != 1.16.5, != 1.16.4, != 1.16.3, != 1.16.2, != 1.16.1, != 1.16.0.rc1, != 1.16.0)
    rails_semantic_logger (4.18.0)
      rack
      railties (>= 5.1)
      semantic_logger (~> 4.16)
    railties (7.2.2.2)
      actionpack (= 7.2.2.2)
      activesupport (= 7.2.2.2)
      irb (~> 1.13)
      rackup (>= 1.0.0)
      rake (>= 12.2)
      thor (~> 1.0, >= 1.2.2)
      zeitwerk (~> 2.6)
    rainbow (3.1.1)
    rake (13.3.0)
    rb-fsevent (0.11.2)
    rb-inotify (0.10.1)
      ffi (~> 1.0)
    rdoc (6.14.2)
      erb
      psych (>= 4.0.0)
    redcarpet (3.6.1)
    redis (4.8.1)
    regexp_parser (2.11.2)
    reline (0.6.2)
      io-console (~> 0.5)
    representable (3.2.0)
      declarative (< 0.1.0)
      trailblazer-option (>= 0.1.1, < 0.2.0)
      uber (< 0.2.0)
    request_store (1.7.0)
      rack (>= 1.4)
    request_store_rails (2.0.0)
      concurrent-ruby (~> 1.0)
    retriable (3.1.2)
    rexml (3.4.2)
    rotp (6.3.0)
    rspec (3.13.0)
      rspec-core (~> 3.13.0)
      rspec-expectations (~> 3.13.0)
      rspec-mocks (~> 3.13.0)
    rspec-benchmark (0.6.0)
      benchmark-malloc (~> 0.2)
      benchmark-perf (~> 0.6)
      benchmark-trend (~> 0.4)
      rspec (>= 3.0)
    rspec-core (3.13.5)
      rspec-support (~> 3.13.0)
    rspec-expectations (3.13.5)
      diff-lcs (>= 1.2.0, < 2.0)
      rspec-support (~> 3.13.0)
    rspec-mocks (3.13.5)
      diff-lcs (>= 1.2.0, < 2.0)
      rspec-support (~> 3.13.0)
    rspec-openapi (0.19.0)
      actionpack (>= 5.2.0)
      rails-dom-testing
      rspec-core
    rspec-rails (8.0.2)
      actionpack (>= 7.2)
      activesupport (>= 7.2)
      railties (>= 7.2)
      rspec-core (~> 3.13)
      rspec-expectations (~> 3.13)
      rspec-mocks (~> 3.13)
      rspec-support (~> 3.13)
    rspec-retry (0.6.2)
      rspec-core (> 3.3)
    rspec-support (3.13.4)
    rubocop (1.80.2)
      json (~> 2.3)
      language_server-protocol (~> 3.17.0.2)
      lint_roller (~> 1.1.0)
      parallel (~> 1.10)
      parser (>= 3.3.0.2)
      rainbow (>= 2.2.2, < 4.0)
      regexp_parser (>= 2.9.3, < 3.0)
      rubocop-ast (>= 1.46.0, < 2.0)
      ruby-progressbar (~> 1.7)
      unicode-display_width (>= 2.4.0, < 4.0)
    rubocop-ast (1.46.0)
      parser (>= 3.3.7.2)
      prism (~> 1.4)
    rubocop-capybara (2.22.1)
      lint_roller (~> 1.1)
      rubocop (~> 1.72, >= 1.72.1)
    rubocop-factory_bot (2.27.1)
      lint_roller (~> 1.1)
      rubocop (~> 1.72, >= 1.72.1)
    rubocop-rails (2.33.3)
      activesupport (>= 4.2.0)
      lint_roller (~> 1.1)
      rack (>= 1.1)
      rubocop (>= 1.75.0, < 2.0)
      rubocop-ast (>= 1.44.0, < 2.0)
    rubocop-rspec (3.7.0)
      lint_roller (~> 1.1)
      rubocop (~> 1.72, >= 1.72.1)
    rubocop-rspec_rails (2.31.0)
      lint_roller (~> 1.1)
      rubocop (~> 1.72, >= 1.72.1)
      rubocop-rspec (~> 3.5)
    ruby-graphviz (1.2.5)
      rexml
    ruby-next-core (1.1.2)
    ruby-progressbar (1.13.0)
    rubyntlm (0.6.5)
      base64
    rubyzip (3.1.0)
    safely_block (0.4.1)
    securerandom (0.4.1)
    selenium-webdriver (4.35.0)
      base64 (~> 0.2)
      logger (~> 1.4)
      rexml (~> 3.2, >= 3.2.5)
      rubyzip (>= 1.2.2, < 4.0)
      websocket (~> 1.0)
    semantic_logger (4.16.1)
      concurrent-ruby (~> 1.0)
    sentry-rails (5.27.1)
      railties (>= 5.0)
      sentry-ruby (~> 5.27.1)
    sentry-ruby (5.27.1)
      bigdecimal
      concurrent-ruby (~> 1.0, >= 1.0.2)
    sentry-sidekiq (5.27.1)
      sentry-ruby (~> 5.27.1)
      sidekiq (>= 3.0)
    shoulda-matchers (6.5.0)
      activesupport (>= 5.2.0)
    sidekiq (6.5.12)
      connection_pool (>= 2.2.5, < 3)
      rack (~> 2.0)
      redis (>= 4.5.0, < 5)
    sidekiq-cron (2.3.1)
      cronex (>= 0.13.0)
      fugit (~> 1.8, >= 1.11.1)
      globalid (>= 1.0.1)
      sidekiq (>= 6.5.0)
    signet (0.21.0)
      addressable (~> 2.8)
      faraday (>= 0.17.5, < 3.a)
      jwt (>= 1.5, < 4.0)
      multi_json (~> 1.10)
    simplecov (0.22.0)
      docile (~> 1.1)
      simplecov-html (~> 0.11)
      simplecov_json_formatter (~> 0.1)
    simplecov-html (0.12.3)
    simplecov-json (0.2.3)
      json
      simplecov
    simplecov_json_formatter (0.1.4)
    site_prism (5.1)
      addressable (~> 2.8, >= 2.8.4)
      capybara (~> 3.34)
      site_prism-all_there (> 3, < 5)
    site_prism-all_there (3.0.6)
    skylight (7.0.0)
      activesupport (>= 7.1.0)
    slack-notifier (2.4.0)
    smart_properties (1.17.0)
    spring (4.4.0)
    spring-commands-rspec (1.0.4)
      spring (>= 0.9.1)
    spring-watcher-listen (2.1.0)
      listen (>= 2.7, < 4.0)
      spring (>= 4)
    sprockets (4.2.1)
      concurrent-ruby (~> 1.0)
      rack (>= 2.2.4, < 4)
    sprockets-rails (3.5.2)
      actionpack (>= 6.1)
      activesupport (>= 6.1)
      sprockets (>= 3.0.0)
    stackprof (0.2.27)
    stateful_enum (0.7.0)
    store_model (4.3.0)
      activerecord (>= 7.0)
    stringio (3.1.7)
    strong_migrations (2.5.0)
      activerecord (>= 7.1)
    swd (2.0.3)
      activesupport (>= 3)
      attr_required (>= 0.0.5)
      faraday (~> 2.0)
      faraday-follow_redirects
    thor (1.4.0)
    timecop (0.9.10)
    timeout (0.4.3)
    trailblazer-option (0.1.2)
    turbo-rails (2.0.16)
      actionpack (>= 7.1.0)
      railties (>= 7.1.0)
    tzinfo (2.0.6)
      concurrent-ruby (~> 1.0)
    uber (0.1.0)
    uk_postcode (2.1.8)
    unicode (0.4.4.5)
    unicode-display_width (3.1.5)
      unicode-emoji (~> 4.0, >= 4.0.4)
    unicode-emoji (4.0.4)
    uniform_notifier (1.17.0)
    uri (1.0.3)
    useragent (0.16.11)
    validate_url (1.0.15)
      activemodel (>= 3.0.0)
      public_suffix
    view_component (4.0.2)
      activesupport (>= 7.1.0, < 8.1)
      concurrent-ruby (~> 1)
    webfinger (2.1.3)
      activesupport
      faraday (~> 2.0)
      faraday-follow_redirects
    webmock (3.25.1)
      addressable (>= 2.8.0)
      crack (>= 0.3.2)
      hashdiff (>= 0.4.0, < 2.0.0)
    webrick (1.9.1)
    webrobots (0.1.2)
    websocket (1.2.11)
    websocket-driver (0.8.0)
      base64
      websocket-extensions (>= 0.1.0)
    websocket-extensions (0.1.5)
    xpath (3.2.0)
      nokogiri (~> 1.8)
    yabeda (0.13.2)
      anyway_config (>= 1.0, < 3)
      concurrent-ruby
      dry-initializer
    yabeda-prometheus (0.9.1)
      prometheus-client (>= 3.0, < 5.0)
      rack
      yabeda (~> 0.10)
    yabeda-rails (0.10.0)
      activesupport
      anyway_config (>= 1.3, < 3)
      railties
      yabeda (~> 0.8)
    zeitwerk (2.7.3)

PLATFORMS
  arm64-darwin
  x86_64-linux
  x86_64-linux-gnu
  x86_64-linux-musl

DEPENDENCIES
  activerecord-session_store
  amazing_print (~> 1.8)
  annotate
  audited (~> 5.8)
  auto_strip_attributes
  awesome_print
  azure-blob
  base32
  benchmark-memory
  blazer
  bootsnap (>= 1.1.0)
  bullet
  bundle-audit
  byebug
  canonical-rails
  capybara (~> 3.40)
  charlock_holmes (= 0.7.9)
  cloudfront-rails
  colorize
  config (~> 5.6)
  cssbundling-rails
  csv-safe
  cuprite (~> 0.17)
  data_migrate (= 11.3.0)
  database_cleaner-active_record
  debug
  dfe-analytics!
  dfe-reference-data!
  discard (~> 1.4)
  dotenv-rails
  erb_lint
  factory_bot_rails
  faker
  faraday
  flamegraph
  foreman
  front_matter_parser
  google-cloud-bigquery
  govuk-components
  govuk_design_system_formbuilder
  govuk_markdown
  govuk_notify_rails
  httparty (~> 0.23)
  jsbundling-rails
  kaminari
  launchy
  listen (>= 3.0.5, < 3.10)
  mechanize
  memory_profiler
  omniauth
  omniauth-rails_csrf_protection
  omniauth_openid_connect
  parallel_tests
  pg (>= 0.18, < 2.0)
  pg_search (~> 2.3)
  progress_bar
  prometheus-client
  pry-byebug
  puma (~> 7.0)
  pundit
  rack-attack
  rack-mini-profiler
  rails (~> 7.2)
  rails-controller-testing
  rails-erd
  rails_semantic_logger (~> 4.18.0)
  request_store (~> 1.7)
  rotp
  rspec-benchmark
  rspec-openapi
  rspec-rails (~> 8.0.2)
  rspec-retry
  rubocop-capybara
  rubocop-factory_bot
  rubocop-rails
  rubocop-rspec
  rubocop-rspec_rails
  ruby-progressbar
  rubyzip
  selenium-webdriver
  sentry-rails
  sentry-ruby
  sentry-sidekiq
  shoulda-matchers (~> 6.5)
  sidekiq (~> 6.5)
  sidekiq-cron (~> 2.3)
  simplecov (~> 0.22.0)
  simplecov-json
  site_prism (~> 5.1)
  skylight
  slack-notifier
  spring
  spring-commands-rspec (~> 1.0)
  spring-watcher-listen (~> 2.1.0)
  sprockets-rails
  stackprof
  stateful_enum
  store_model (~> 4.3)
  strong_migrations
  timecop (~> 0.9.10)
  turbo-rails
  tzinfo-data
  uk_postcode
  webmock
  yabeda-prometheus
  yabeda-rails

CHECKSUMS
  actioncable (7.2.2.2) sha256=3d957adc9d1d2ddb5ac8ed8791dc35b273c722f2dca2644f415bd24ba64c7425
  actionmailbox (7.2.2.2) sha256=7f784a3685a877ca0937bf28f989bbafbffd0f3966d724e41bf9319f881487ef
  actionmailer (7.2.2.2) sha256=d37c8ab094f3b73c3fbcbbf41d2e31fc15b607178569a58057ed878c2063a6e6
  actionpack (7.2.2.2) sha256=ccd2f96ffb378060dd02e86318bca3faae1ecf483603a525fabfd84197c86a6e
  actiontext (7.2.2.2) sha256=8e80623cf206f077f4b671846ba74b0cb154b2a306a6569d3c4b3deb22e2b701
  actionview (7.2.2.2) sha256=5bf67e9716fbd159f09cbc8cf87f4813d3e8725f0197a7321910e9dc8c165b07
  activejob (7.2.2.2) sha256=e706383862084022d531eee64f74ac4b5fd751f160a7138d3a3c1018b2facb55
  activemodel (7.2.2.2) sha256=6898b91af028d725729f65d8e0f6ccfef5993e085ed70d5b93c42ba1bf7384dd
  activerecord (7.2.2.2) sha256=e6b1e1499018f1c3ffd9f7828a8560588da1f5bd85dc2b7a95e49c5467cda800
  activerecord-session_store (2.2.0) sha256=65918054573683bf4f87af89e765e1fece14c9d71cfac1f11abe4687c96e2743
  activestorage (7.2.2.2) sha256=0b28d0c191b03162e83d3bf6875c3692ab48abd1e371bb0b428136dd8509ae66
  activesupport (7.2.2.2) sha256=c54e84bb3d9027f1f372fb8f68203538fcfe0d5ff42801774c03974daa15bef0
  addressable (2.8.7) sha256=462986537cf3735ab5f3c0f557f14155d778f4b43ea4f485a9deb9c8f7c58232
  aes_key_wrap (1.1.0) sha256=b935f4756b37375895db45669e79dfcdc0f7901e12d4e08974d5540c8e0776a5
  amazing_print (1.8.1) sha256=f53b4e1881f53f9663cb222840c7a027d0e61d46cc908366965739559c0d6d68
  annotate (3.2.0) sha256=9a61baa1fb13880aa3a8d9f62553889bb2a3b7970f88bbc66d3ac75a567780d3
  anyway_config (2.7.2) sha256=30f6b087c0b41afdd43fe46c81d65a16f052a8489dab453abaeb4ea67aa74bad
  ast (2.4.3) sha256=954615157c1d6a382bc27d690d973195e79db7f55e9765ac7c481c60bdb4d383
  attr_required (1.0.2) sha256=f0ebfc56b35e874f4d0ae799066dbc1f81efefe2364ca3803dc9ea6a4de6cb99
  audited (5.8.0) sha256=35cd63f9ee1eb2a1f773e7abf5915bb4e870b6338173e27c31e0e604e353f371
  auto_strip_attributes (2.6.0) sha256=a7e2e0cf744de2bcd947fd68014220702bcc88c81274c1cd9ce6f7316aae39b0
  awesome_print (1.9.2) sha256=e99b32b704acff16d768b3468680793ced40bfdc4537eb07e06a4be11133786e
  azure-blob (0.5.9.1) sha256=bdeab59905b1ab73eb474cd6cc649a2a2472e5fd2dbab1ba66a47050d16b16a5
  base32 (0.3.4) sha256=cb9810ab7c79862ed6ead254b3a44fa2535d088396cd412eef38bdc206055aba
  base64 (0.3.0) sha256=27337aeabad6ffae05c265c450490628ef3ebd4b67be58257393227588f5a97b
  benchmark (0.4.1) sha256=d4ef40037bba27f03b28013e219b950b82bace296549ec15a78016552f8d2cce
  benchmark-malloc (0.2.0) sha256=37c68f0435261634026f584d79956a35325a3027e3e6b4cc8d7575aa10537e6b
  benchmark-memory (0.2.0) sha256=ca1e436433b09535ee8f64f80600a5edb407cff1f6ac70e089ca238118e6ab5c
  benchmark-perf (0.6.0) sha256=fe2b01959f3de0f9dd34820d54ef881eb4f3589fccb7d17b63068ac92d7f9621
  benchmark-trend (0.4.0) sha256=de5a02a9f443babefbbd97784759820decee8554a0c273d859c02a0990845d81
  better_html (2.1.1) sha256=046c3551d1488a3f2939a7cac6fabf2bde08c32e135c91fcd683380118e5af55
  bigdecimal (3.2.3) sha256=ffd11d1ac67a0d3b2f44aec0a6487210b3f813f363dd11f1fcccf5ba00da4e1b
  bindata (2.5.0) sha256=29dccb8ba1cc9de148f24bb88930840c62db56715f0f80eccadd624d9f3d2623
  blazer (3.3.0) sha256=01e151091ce1e7d27c156243916b2f13109ef2ef1a16cfa62bef67f4c5fd169f
  bootsnap (1.18.6) sha256=0ae2393c1e911e38be0f24e9173e7be570c3650128251bf06240046f84a07d00
  builder (3.3.0) sha256=497918d2f9dca528fdca4b88d84e4ef4387256d984b8154e9d5d3fe5a9c8835f
  bullet (8.0.8) sha256=b4b9905eb6b803d9a0ba620944ed79c8bb27ff3ca90ef8f8e39ff21db5b7c542
  bundle-audit (0.1.0) sha256=c8f085920cde681ba837be69c87b08598c1a7f46f70877f1b3a1711be91a7a43
  bundler-audit (0.9.1) sha256=bdc716fc21cd8652a6507b137e5bc51f5e0e4f6f106a114ab004c89d0200bd3d
  byebug (12.0.0) sha256=d4a150d291cca40b66ec9ca31f754e93fed8aa266a17335f71bb0afa7fca1a1e
  canonical-rails (0.2.17) sha256=771a2bc71bb4742fe175a639b545ec597d166f46a498611387ab7d81eae43ceb
  capybara (3.40.0) sha256=42dba720578ea1ca65fd7a41d163dd368502c191804558f6e0f71b391054aeef
  cgi (0.4.2) sha256=a3cb190d46a820ca01a3e28bd5b64e67003ff99d7884b70512448566f35347e6
  charlock_holmes (0.7.9) sha256=b49e8a11ce1921e2c5b65511bb864ae51720ce9bd1c336ccf0e89e6c8ae62db0
  chartkick (5.1.4) sha256=893b2b5e6321a917f4ada2db082e0cb81a247cdad014e0b0a37aeb9287c10be5
  childprocess (5.1.0) sha256=9a8d484be2fd4096a0e90a0cd3e449a05bc3aa33f8ac9e4d6dcef6ac1455b6ec
  choice (0.2.0) sha256=a19617f7dfd4921b38a85d0616446620de685a113ec6d1ecc85bdb67bf38c974
  cloudfront-rails (0.4.0) sha256=39b92eceef815ca269610d73d15d2de2698989805ddd5ebbd1d0179350821702
  coderay (1.1.3) sha256=dc530018a4684512f8f38143cd2a096c9f02a1fc2459edcfe534787a7fc77d4b
  colorize (1.1.0) sha256=30b5237f0603f6662ab8d1fc2bd4a96142b806c6415d79e45ef5fdc6a0cfc837
  concurrent-ruby (1.3.5) sha256=813b3e37aca6df2a21a3b9f1d497f8cbab24a2b94cab325bffe65ee0f6cbebc6
  config (5.6.1) sha256=a9f0f0f9ffa6d12d43147a3fa1ab8486fe484c3098a350c6a2e0f32430e0d1cc
  connection_pool (2.5.4) sha256=e9e1922327416091f3f6542f5f4446c2a20745276b9aa796dd0bb2fd0ea1e70a
  crack (1.0.0) sha256=c83aefdb428cdc7b66c7f287e488c796f055c0839e6e545fec2c7047743c4a49
  crass (1.0.6) sha256=dc516022a56e7b3b156099abc81b6d2b08ea1ed12676ac7a5657617f012bd45d
  cronex (0.15.0) sha256=21c794e085fad2951c4f2e279f440340a35ba2297e0b738f22f263f69fbe2186
  cssbundling-rails (1.4.3) sha256=53aecd5a7d24ac9c8fcd92975acd0e830fead4ee4583d3d3d49bb64651946e41
  csv (3.3.5) sha256=6e5134ac3383ef728b7f02725d9872934f523cb40b961479f69cf3afa6c8e73f
  csv-safe (3.3.1) sha256=c2ab44cc38358af58197a5cd281b402191c0bde01ff9972da2104c739291a73f
  cuprite (0.17) sha256=b140d5dc70d08b97ad54bcf45cd95d0bd430e291e9dffe76fff851fddd57c12b
  data_migrate (11.3.0) sha256=92fbe774b3de0930df9aee81933a7a5abd2183d8adab7359c1579ebbc6b96459
  database_cleaner-active_record (2.2.2) sha256=88296b9f3088c31f7c0d4fcec10f68e4b71c96698043916de59b04debec10388
  database_cleaner-core (2.0.1) sha256=8646574c32162e59ed7b5258a97a208d3c44551b854e510994f24683865d846c
  date (3.4.1) sha256=bf268e14ef7158009bfeaec40b5fa3c7271906e88b196d958a89d4b408abe64f
  debug (1.11.0) sha256=1425db64cfa0130c952684e3dc974985be201dd62899bf4bbe3f8b5d6cf1aef2
  declarative (0.0.20) sha256=8021dd6cb17ab2b61233c56903d3f5a259c5cf43c80ff332d447d395b17d9ff9
  deep_merge (1.2.2) sha256=83ced3a3d7f95f67de958d2ce41b1874e83c8d94fe2ddbff50c8b4b82323563a
  dfe-analytics (1.15.8)
  dfe-reference-data (3.8.3)
  diff-lcs (1.6.2) sha256=9ae0d2cba7d4df3075fe8cd8602a8604993efc0dfa934cff568969efb1909962
  discard (1.4.0) sha256=6efcd2a53ddf96781f81b825d398f1c88ab88c0faa84e131bea6e16ef95d65d0
  docile (1.4.0) sha256=5f1734bde23721245c20c3d723e76c104208e1aa01277a69901ce770f0ebb8d3
  domain_name (0.6.20240107) sha256=5f693b2215708476517479bf2b3802e49068ad82167bcd2286f899536a17d933
  dotenv (3.1.8) sha256=9e1176060ced581f8e6ce4384e91361817763a76e3c625c8bddc18b35bd392c3
  dotenv-rails (3.1.8) sha256=46c9d1226a8b58a83b5f61325aa8cffd25cea1c0fafdfbbbee1e5dfea77980c4
  drb (2.2.3) sha256=0b00d6fdb50995fe4a45dea13663493c841112e4068656854646f418fda13373
  dry-initializer (3.2.0) sha256=37d59798f912dc0a1efe14a4db4a9306989007b302dcd5f25d0a2a20c166c4e3
  email_validator (2.2.4) sha256=5ab238095bec7aef9389f230e9e0c64c5081cdf91f19d6c5cecee0a93af20604
  erb (5.0.2) sha256=d30f258143d4300fb4ecf430042ac12970c9bb4b33c974a545b8f58c1ec26c0f
  erb_lint (0.9.0) sha256=dfb5e40ad839e8d1f0d56ca85ec9a7ac4c9cd966ec281138282f35b323ca7c31
  erubi (1.13.1) sha256=a082103b0885dbc5ecf1172fede897f9ebdb745a4b97a5e8dc63953db1ee4ad9
  et-orbi (1.3.0) sha256=56716ce1c40f56412d6acb0721ebede6bd23b66525dab008a95d77df00c7d260
  factory_bot (6.5.1) sha256=40581ea7bec0aee05514b8f4f99ed477274bdf1884c1372de5209e60322d6ca9
  factory_bot_rails (6.4.4) sha256=139e17caa2c50f098fddf5e5e1f29e8067352024e91ca1186d018b36589e5c88
  faker (3.5.2) sha256=f9a80291b2e3f259801d1dd552f0732fe04dce5d1f74e798365bc0413789c473
  faraday (2.13.4) sha256=c719ff52cfd0dbaeca79dd83ed3aeea3f621032abf8bc959d1c05666157cac26
  faraday-follow_redirects (0.3.0) sha256=d92d975635e2c7fe525dd494fcd4b9bb7f0a4a0ec0d5f4c15c729530fdb807f9
  faraday-net_http (3.4.1) sha256=095757fae7872b94eac839c08a1a4b8d84fd91d6886cfbe75caa2143de64ab3b
  ferrum (0.17.1) sha256=51d591120fc593e5a13b5d9d6474389f5145bb92a91e36eab147b5d096c8cbe7
  ffi (1.17.1-arm64-darwin) sha256=a8e04f79d375742c54ee7f9fff4b4022b87200a4ec0eb082128d3b6559e67b4d
  ffi (1.17.1-x86_64-linux-gnu) sha256=8c0ade2a5d19f3672bccfe3b58e016ae5f159e3e2e741c856db87fcf07c903d0
  ffi (1.17.1-x86_64-linux-musl) sha256=3a343086820c96d6fbea4a5ef807fb69105b2b8174678f103b3db210c3f78401
  flamegraph (0.9.5) sha256=a683020637ffa0e14a72640fa41babf14d926bfeaed87e31907cfd06ab2de8dc
  foreman (0.90.0) sha256=ff675e2d47b607ac58714a6d4ac3e1ee8f06f41d8db084531c31961e2c3f117c
  front_matter_parser (1.0.1) sha256=bae298bda01db95788a4d6452f1670a3d198c6716c8d3727db9a95533deb7b7b
  fugit (1.11.1) sha256=e89485e7be22226d8e9c6da411664d0660284b4b1c08cacb540f505907869868
  globalid (1.2.1) sha256=70bf76711871f843dbba72beb8613229a49429d1866828476f9c9d6ccc327ce9
  google-apis-bigquery_v2 (0.93.0) sha256=db98bdab9d1663122738cce61ac795c26a01776757f6f54ca72a0255a68ccecf
  google-apis-core (1.0.2) sha256=ba4579aaadc902d6cc7bc8db88f566ab00f5e31ea87ab41e9f9a032c470f2629
  google-cloud-bigquery (1.59.0) sha256=ad897d0b52794e548a24bdd339bc126b852d0ca3304956a1168aaf26c509f3ea
  google-cloud-core (1.8.0) sha256=e572edcbf189cfcab16590628a516cec3f4f63454b730e59f0b36575120281cf
  google-cloud-env (2.3.1) sha256=0faac01eb27be78c2591d64433663b1a114f8f7af55a4f819755426cac9178e7
  google-cloud-errors (1.5.0) sha256=b56be28b8c10628125214dde571b925cfcebdbc58619e598250c37a2114f7b4b
  google-logging-utils (0.2.0) sha256=675462b4ea5affa825a3442694ca2d75d0069455a1d0956127207498fca3df7b
  googleauth (1.15.0) sha256=122ae61813805a1cfdf225638f33d354ca6078be17e9712669667226a7243bcf
  govuk-components (5.11.3) sha256=b3fbf5c040c93e0552220c6296382a8730a0398032639393edc88c68fb240dcc
  govuk_design_system_formbuilder (5.10.1) sha256=36aeaff5d0bd2a31767bfc6b9ba20bb4a86829ba79812f21db9c76b4f792338b
  govuk_markdown (2.0.3) sha256=30fc99b502d96cf81751cbfc115e3717f8252940735dc40ee6dc83b454b1b35e
  govuk_notify_rails (3.0.0) sha256=e0e1b8b0a7c47f90963034f290fb2982652aa8051a733c25c178680d44f2d7aa
  hashdiff (1.1.2) sha256=2c30eeded6ed3dce8401d2b5b99e6963fe5f14ed85e60dd9e33c545a44b71a77
  hashie (5.0.0) sha256=9d6c4e51f2a36d4616cbc8a322d619a162d8f42815a792596039fc95595603da
  highline (3.0.1) sha256=ca18b218fd581b1fae832f89bfeaf2b34d3a93429c44fd4411042ffce286f009
  html-attributes-utils (1.0.2) sha256=594e0b37b3dd4e554abe893bee9719896f876675fd08fe534fc2e6e1b4e2538c
  http-cookie (1.0.8) sha256=b14fe0445cf24bf9ae098633e9b8d42e4c07c3c1f700672b09fbfe32ffd41aa6
  httparty (0.23.1) sha256=3ac1dd62f2010f6ece551716f5ceec2b2012011d89f1751917ab7f724e966b55
  i18n (1.14.7) sha256=ceba573f8138ff2c0915427f1fc5bdf4aa3ab8ae88c8ce255eb3ecf0a11a5d0f
  io-console (0.8.1) sha256=1e15440a6b2f67b6ea496df7c474ed62c860ad11237f29b3bd187f054b925fcb
  irb (1.15.2) sha256=222f32952e278da34b58ffe45e8634bf4afc2dc7aa9da23fed67e581aa50fdba
  jsbundling-rails (1.3.1) sha256=0fa03f6d051c694cbf55a022d8be53399879f2c4cf38b2968f86379c62b1c2ca
  json (2.13.2) sha256=02e1f118d434c6b230a64ffa5c8dee07e3ec96244335c392eaed39e1199dbb68
  json-jwt (1.16.6) sha256=ab451f9cd8743cecc4137f4170806046c1d8a6d4ee6e8570e0b5c958409b266c
  jwt (2.10.2) sha256=31e1ee46f7359883d5e622446969fe9c118c3da87a0b1dca765ce269c3a0c4f4
  kaminari (1.2.2) sha256=c4076ff9adccc6109408333f87b5c4abbda5e39dc464bd4c66d06d9f73442a3e
  kaminari-actionview (1.2.2) sha256=1330f6fc8b59a4a4ef6a549ff8a224797289ebf7a3a503e8c1652535287cc909
  kaminari-activerecord (1.2.2) sha256=0dd3a67bab356a356f36b3b7236bcb81cef313095365befe8e98057dd2472430
  kaminari-core (1.2.2) sha256=3bd26fec7370645af40ca73b9426a448d09b8a8ba7afa9ba3c3e0d39cdbb83ff
  language_server-protocol (3.17.0.5) sha256=fd1e39a51a28bf3eec959379985a72e296e9f9acfce46f6a79d31ca8760803cc
  launchy (3.1.1) sha256=72b847b5cc961589dde2c395af0108c86ff0119f42d4648d25b5440ebb10059e
  lint_roller (1.1.0) sha256=2c0c845b632a7d172cb849cc90c1bce937a28c5c8ccccb50dfd46a485003cc87
  listen (3.9.0) sha256=db9e4424e0e5834480385197c139cb6b0ae0ef28cc13310cfd1ca78377d59c67
  logger (1.7.0) sha256=196edec7cc44b66cfb40f9755ce11b392f21f7967696af15d274dde7edff0203
  loofah (2.24.1) sha256=655a30842b70ec476410b347ab1cd2a5b92da46a19044357bbd9f401b009a337
  mail (2.8.1) sha256=ec3b9fadcf2b3755c78785cb17bc9a0ca9ee9857108a64b6f5cfc9c0b5bfc9ad
  marcel (1.0.4) sha256=0d5649feb64b8f19f3d3468b96c680bae9746335d02194270287868a661516a4
  matrix (0.4.2) sha256=71083ccbd67a14a43bfa78d3e4dc0f4b503b9cc18e5b4b1d686dc0f9ef7c4cc0
  mechanize (2.14.0) sha256=33e76b7639d0181a46eaf1136b05f0e9043dfc5fc4b1a7b9fd8ae8bd437dd5e4
  memory_profiler (1.1.0) sha256=79a17df7980a140c83c469785905409d3027ca614c42c086089d128b805aa8f8
  method_source (1.1.0) sha256=181301c9c45b731b4769bc81e8860e72f9161ad7d66dd99103c9ab84f560f5c5
  mime-types (3.6.0) sha256=6f71db957840ceae44211531eff3e2f7e0dd4645fefb5f535dbaeb6307ab6464
  mime-types-data (3.2025.0107) sha256=232a497cc68cfca58982685d47fb26f10ef2eb009c4d1c53a7e159d572743dca
  mini_mime (1.1.5) sha256=8681b7e2e4215f2a159f9400b5816d85e9d8c6c6b491e96a12797e798f8bccef
  minitest (5.25.5) sha256=391b6c6cb43a4802bfb7c93af1ebe2ac66a210293f4a3fb7db36f2fc7dc2c756
  msgpack (1.8.0) sha256=e64ce0212000d016809f5048b48eb3a65ffb169db22238fb4b72472fecb2d732
  multi_json (1.17.0) sha256=76581f6c96aebf2e85f8a8b9854829e0988f335e8671cd1a56a1036eb75e4a1b
  multi_xml (0.6.0) sha256=d24393cf958adb226db884b976b007914a89c53ad88718e25679d7008823ad52
  net-http (0.6.0) sha256=9621b20c137898af9d890556848c93603716cab516dc2c89b01a38b894e259fb
  net-http-digest_auth (1.4.1) sha256=4b8ad50ed8d180a58db5d6c49449b987dd0466fe01e24037945bc007562a08db
  net-http-persistent (4.0.5) sha256=6e42880b347e650ffeaf679ae59c9d5a6ed8a22cda6e1b959d9c270050aefa8e
  net-imap (0.5.9) sha256=d95905321e1bd9f294ffc7ff8697be218eee1ec96c8504c0960964d0a0be33fc
  net-pop (0.1.2) sha256=848b4e982013c15b2f0382792268763b748cce91c9e91e36b0f27ed26420dff3
  net-protocol (0.2.2) sha256=aa73e0cba6a125369de9837b8d8ef82a61849360eba0521900e2c3713aa162a8
  net-smtp (0.5.1) sha256=ed96a0af63c524fceb4b29b0d352195c30d82dd916a42f03c62a3a70e5b70736
  nio4r (2.7.4) sha256=d95dee68e0bb251b8ff90ac3423a511e3b784124e5db7ff5f4813a220ae73ca9
  nkf (0.2.0) sha256=fbc151bda025451f627fafdfcb3f4f13d0b22ae11f58c6d3a2939c76c5f5f126
  nokogiri (1.18.10-arm64-darwin) sha256=c2b0de30770f50b92c9323fa34a4e1cf5a0af322afcacd239cd66ee1c1b22c85
  nokogiri (1.18.10-x86_64-linux-gnu) sha256=ff5ba26ba2dbce5c04b9ea200777fd225061d7a3930548806f31db907e500f72
  nokogiri (1.18.10-x86_64-linux-musl) sha256=0651fccf8c2ebbc2475c8b1dfd7ccac3a0a6d09f8a41b72db8c21808cb483385
  notifications-ruby-client (6.2.0) sha256=da4ba515cef3105d7ed46d17c644a3ea437f07cbc02c6cf095cf1984a656cf72
  omniauth (2.1.3) sha256=8d24e2e55c41926c96e4a93fd566bc026dfd6f2c850408748e89945a565956c2
  omniauth-rails_csrf_protection (1.0.2) sha256=1170fd672aff092b9b7ebebc1453559f073ed001e3ce62a1df616e32f8dc5fe0
  omniauth_openid_connect (0.8.0) sha256=1f2f3890386e2a742221cee0d2e903b78d874e6fab9ea3bfa31c1462f4793d25
  openid_connect (2.3.0) sha256=0dbb9cefeb11e0a65e706349266355bbbb060382ae138fc9e199ab1aa622744c
  options (2.3.2) sha256=32413a4b9e363234eed2eecfb2a1a9deb32810f72c54820a37a62f65b905c5e8
  os (1.1.4) sha256=57816d6a334e7bd6aed048f4b0308226c5fb027433b67d90a9ab435f35108d3f
  ostruct (0.6.2) sha256=6d7302a299e400a2c248d6ce0dad18fc3a5714e8096facc25ffd0c54ee57cfc0
  pagy (9.4.0) sha256=db3f2e043f684155f18f78be62a81e8d033e39b9f97b1e1a8d12ad38d7bce738
  parallel (1.27.0) sha256=4ac151e1806b755fb4e2dc2332cbf0e54f2e24ba821ff2d3dcf86bf6dc4ae130
  parallel_tests (5.4.0) sha256=89413fc46e8f6d8e309b0cb1162287ead1c7e9d41a1fee344a73fab4dc14a248
  parser (3.3.9.0) sha256=94d6929354b1a6e3e1f89d79d4d302cc8f5aa814431a6c9c7e0623335d7687f2
  pg (1.6.2-arm64-darwin) sha256=4d44500b28d5193b26674583d199a6484f80f1f2ea9cf54f7d7d06a1b7e316b6
  pg (1.6.2-x86_64-linux) sha256=525f438137f2d1411a1ebcc4208ec35cb526b5a3b285a629355c73208506a8ea
  pg (1.6.2-x86_64-linux-musl) sha256=e5c8668ffeaf7a9c3458a3dcb002dffa6d8ee1fca9ae534ffef861d2b15644ca
  pg_search (2.3.7) sha256=27868941844961e593526b835da20e48995e9b846515e91856084c5bd9ab4f35
  pp (0.6.2) sha256=947ec3120c6f92195f8ee8aa25a7b2c5297bb106d83b41baa02983686577b6ff
  prettyprint (0.2.0) sha256=2bc9e15581a94742064a3cc8b0fb9d45aae3d03a1baa6ef80922627a0766f193
  prism (1.4.0) sha256=dc0e3e00e93160213dc2a65519d9002a4a1e7b962db57d444cf1a71565bb703e
  progress_bar (1.3.4) sha256=adb10e040275e08eadfbe405749584e4b01fd15e8e692fdcb4b1969e9c071c8c
  prometheus-client (4.2.5) sha256=807bebc3e92ccd9f4d814d90be15e85338f3708d227badf80924ef3f6e7d5225
  pry (0.15.2) sha256=12d54b8640d3fa29c9211dd4ffb08f3fd8bf7a4fd9b5a73ce5b59c8709385b6b
  pry-byebug (3.11.0) sha256=0b0abb7d309bc7f00044d512a3c8567274f7012b944b38becc8440439a1cea72
  psych (5.2.6) sha256=814328aa5dcb6d604d32126a20bc1cbcf05521a5b49dbb1a8b30a07e580f316e
  public_suffix (6.0.2) sha256=bfa7cd5108066f8c9602e0d6d4114999a5df5839a63149d3e8b0f9c1d3558394
  puma (7.0.4) sha256=b4c6ae11d1458052eeaa415176c3bf0000f4232287f413525ab2504446154b7a
  pundit (2.5.2) sha256=e374152baa24f90b630428293faf4b4c5468fc3cc010165f7d8fcb44ce108bbd
  raabro (1.4.0) sha256=d4fa9ff5172391edb92b242eed8be802d1934b1464061ae5e70d80962c5da882
  racc (1.8.1) sha256=4a7f6929691dbec8b5209a0b373bc2614882b55fc5d2e447a21aaa691303d62f
  rack (2.2.18) sha256=ca4feea715d3576a7d613412ce409d04ceac1133ab109fcd490ec1d835107f4f
  rack-attack (6.7.0) sha256=3ca47e8f66cd33b2c96af53ea4754525cd928ed3fa8da10ee6dad0277791d77c
  rack-mini-profiler (4.0.1) sha256=485810c23211f908196c896ea10cad72ed68780ee2998bec1f1dfd7558263d78
  rack-oauth2 (2.2.1) sha256=c73aa87c508043e2258f02b4fb110cacba9b37d2ccf884e22487d014a120d1a5
  rack-protection (3.2.0) sha256=3c74ba7fc59066453d61af9bcba5b6fe7a9b3dab6f445418d3b391d5ea8efbff
  rack-session (1.0.2) sha256=a02115e5420b4de036839b9811e3f7967d73446a554b42aa45106af335851d76
  rack-test (2.2.0) sha256=005a36692c306ac0b4a9350355ee080fd09ddef1148a5f8b2ac636c720f5c463
  rackup (1.0.1) sha256=ba86604a28989fe1043bff20d819b360944ca08156406812dca6742b24b3c249
  rails (7.2.2.2) sha256=f38ff86c5e6905e5d30a762575f92ddad5b60346f5acfc282b0e22dbb36eca97
  rails-controller-testing (1.0.5) sha256=741448db59366073e86fc965ba403f881c636b79a2c39a48d0486f2607182e94
  rails-dom-testing (2.3.0) sha256=8acc7953a7b911ca44588bf08737bc16719f431a1cc3091a292bca7317925c1d
  rails-erd (1.7.2) sha256=0b17d0fba25d319d8da8af7a3e5e2149d02d6187cc7351e8be43423f07c48bcd
  rails-html-sanitizer (1.6.2) sha256=35fce2ca8242da8775c83b6ba9c1bcaad6751d9eb73c1abaa8403475ab89a560
  rails_semantic_logger (4.18.0) sha256=2fd7ee2d1f7c9ff950db941d56754e8ecdfcff03eb9ae62e88691ffb734c0099
  railties (7.2.2.2) sha256=457506d29b7be2c5644b5bd4740edaf42bcefa52b50f9bed519a9b10ec9069e0
  rainbow (3.1.1) sha256=039491aa3a89f42efa1d6dec2fc4e62ede96eb6acd95e52f1ad581182b79bc6a
  rake (13.3.0) sha256=96f5092d786ff412c62fde76f793cc0541bd84d2eb579caa529aa8a059934493
  rb-fsevent (0.11.2) sha256=43900b972e7301d6570f64b850a5aa67833ee7d87b458ee92805d56b7318aefe
  rb-inotify (0.10.1) sha256=050062d4f31d307cca52c3f6a7f4b946df8de25fc4bd373e1a5142e41034a7ca
  rdoc (6.14.2) sha256=9fdd44df130f856ae70cc9a264dfd659b9b40de369b16581f4ab746e42439226
  redcarpet (3.6.1) sha256=d444910e6aa55480c6bcdc0cdb057626e8a32c054c29e793fa642ba2f155f445
  redis (4.8.1) sha256=387ee086694fffc9632aaeb1efe4a7b1627ca783bf373320346a8a20cd93333a
  regexp_parser (2.11.2) sha256=5e5e9c1485ffd8de53ab1d2807affd81f617f72967dfc64fc75a69e2cbf0ff98
  reline (0.6.2) sha256=1dad26a6008872d59c8e05244b119347c9f2ddaf4a53dce97856cd5f30a02846
  representable (3.2.0) sha256=cc29bf7eebc31653586849371a43ffe36c60b54b0a6365b5f7d95ec34d1ebace
  request_store (1.7.0) sha256=e1b75d5346a315f452242a68c937ef8e48b215b9453a77a6c0acdca2934c88cb
  request_store_rails (2.0.0) sha256=2dbae9fb29de6bd8bf3cbd44fbef4ee49b71c849f8ccf235cba3e8b491701d2f
  retriable (3.1.2) sha256=0a5a5d0ca4ba61a76fb31a17ab8f7f80281beb040c329d34dfc137a1398688e0
  rexml (3.4.2) sha256=1384268554a37af5da5279431ca3f2f37d46f09ffdd6c95e17cc84c83ea7c417
  rotp (6.3.0) sha256=75d40087e65ed0d8022c33055a6306c1c400d1c12261932533b5d6cbcd868854
  rspec (3.13.0) sha256=d490914ac1d5a5a64a0e1400c1d54ddd2a501324d703b8cfe83f458337bab993
  rspec-benchmark (0.6.0) sha256=1014adb57ec2599a2455c63884229f367a2fff6a63a77fd68ce5d804c83dd6cf
  rspec-core (3.13.5) sha256=ab3f682897c6131c67f9a17cfee5022a597f283aebe654d329a565f9937a4fa3
  rspec-expectations (3.13.5) sha256=33a4d3a1d95060aea4c94e9f237030a8f9eae5615e9bd85718fe3a09e4b58836
  rspec-mocks (3.13.5) sha256=e4338a6f285ada9fe56f5893f5457783af8194f5d08884d17a87321d5195ea81
  rspec-openapi (0.19.0) sha256=2e33b0715029fb0b20b32035ebad333ba7a01b49de4b217b8192f3009b66a8db
  rspec-rails (8.0.2) sha256=113139a53f5d068d4f48d1c29ad5f982013ed9b0daa69d7f7b266eda5d433ace
  rspec-retry (0.6.2) sha256=6101ba23a38809811ae3484acde4ab481c54d846ac66d5037ccb40131a60d858
  rspec-support (3.13.4) sha256=184b1814f6a968102b57df631892c7f1990a91c9a3b9e80ef892a0fc2a71a3f7
  rubocop (1.80.2) sha256=6485f30fefcf5c199db3b91e5e253b1ef43f7e564784e2315255809a3dd9abf4
  rubocop-ast (1.46.0) sha256=0da7f6ad5b98614f89b74f11873c191059c823eae07d6ffd40a42a3338f2232b
  rubocop-capybara (2.22.1) sha256=ced88caef23efea53f46e098ff352f8fc1068c649606ca75cb74650970f51c0c
  rubocop-factory_bot (2.27.1) sha256=9d744b5916778c1848e5fe6777cc69855bd96548853554ec239ba9961b8573fe
  rubocop-rails (2.33.3) sha256=848c011b58c1292f3066246c9eb18abf6ffcfbce28bc57c4ab888bbec79af74b
  rubocop-rspec (3.7.0) sha256=b7b214da112034db9c6d00f2d811a354847e870f7b6ed2482b29649c3d42058f
  rubocop-rspec_rails (2.31.0) sha256=775375e18a26a1184a812ef3054b79d218e85601b9ae897f38f8be24dddf1f45
  ruby-graphviz (1.2.5) sha256=1c2bb44e3f6da9e2b829f5e7fd8d75a521485fb6b4d1fc66ff0f93f906121504
  ruby-next-core (1.1.2) sha256=1b095fe2e45929f2581b3ecdb8d92b601ce4d72c12a466057c10e23b6f0c4512
  ruby-progressbar (1.13.0) sha256=80fc9c47a9b640d6834e0dc7b3c94c9df37f08cb072b7761e4a71e22cff29b33
  rubyntlm (0.6.5) sha256=47013402b99ae29ee93f930af51edaec8c6008556f4be25705a422b4430314f5
  rubyzip (3.1.0) sha256=e5af14749e2e7d2ecfc43526888b2165bf4d464002964c4e281e9480fb26f415
  safely_block (0.4.1) sha256=690b11926ceba66f7e6f2158571f0c856e76a4f38bd31cbed3577e24b96c2311
  securerandom (0.4.1) sha256=cc5193d414a4341b6e225f0cb4446aceca8e50d5e1888743fac16987638ea0b1
  selenium-webdriver (4.35.0) sha256=6fc920cec4b9e6263afeb4941289d8deb0853acbc49e0d6f7de91c86986d359b
  semantic_logger (4.16.1) sha256=10c3aadd84932b01280039c078bfb6f33b9aeb724c93a5e3795ca779a77dba69
  sentry-rails (5.27.1) sha256=77f579733ff185d1c3869b1ea0902cad7981d543d5651256bfa7da4bd47ef5ec
  sentry-ruby (5.27.1) sha256=c508eb790ee3b882534917a16999402e15ad89dc0f415df9227153930b768367
  sentry-sidekiq (5.27.1) sha256=3a7296719cac90e8673346cfa991a28541105f6efbb346fb12c6a6a7ee7a5f99
  shoulda-matchers (6.5.0) sha256=ef6b572b2bed1ac4aba6ab2c5ff345a24b6d055a93a3d1c3bfc86d9d499e3f44
  sidekiq (6.5.12) sha256=b4f93b2204c42220d0b526a7b8e0c49b5f9da82c1ce1a05d2baf1e8f744c197f
  sidekiq-cron (2.3.1) sha256=96ab3da372289a30dc744c1daa2ae2e85960b2444a6f6ed68df1ff7882c44aac
  signet (0.21.0) sha256=d617e9fbf24928280d39dcfefba9a0372d1c38187ffffd0a9283957a10a8cd5b
  simplecov (0.22.0) sha256=fe2622c7834ff23b98066bb0a854284b2729a569ac659f82621fc22ef36213a5
  simplecov-html (0.12.3) sha256=4b1aad33259ffba8b29c6876c12db70e5750cb9df829486e4c6e5da4fa0aa07b
  simplecov-json (0.2.3) sha256=c63823b5dfc95c85ff4cb94251765f08a166bdd68098f259368cbfe738e281f7
  simplecov_json_formatter (0.1.4) sha256=529418fbe8de1713ac2b2d612aa3daa56d316975d307244399fa4838c601b428
  site_prism (5.1) sha256=3e53d28962f2bd1d60ec492852ed1598490513fd763ec5c3210afb617972ed23
  site_prism-all_there (3.0.6) sha256=42551b8eb33c64d77e092fb04c4c6a91ffe8a6b8317b6d05608cad160d7d6d1c
  skylight (7.0.0) sha256=afbbe711b13493eb2db795b1b533b02f9f247e0a07e6b31ae0169ef977dcbbd0
  slack-notifier (2.4.0) sha256=cd9aba3f5f3e6227f73df1f6a33ac6c127c5fac35b513b86b7ba900cd98d2b00
  smart_properties (1.17.0) sha256=f9323f8122e932341756ddec8e0ac9ec6e238408a7661508be99439ca6d6384b
  spring (4.4.0) sha256=ec4e6cf5fb48d96b9ec9a80ebb40f962f2467b651c000693f33c14b6d6c340af
  spring-commands-rspec (1.0.4) sha256=6202e54fa4767452e3641461a83347645af478bf45dddcca9737b43af0dd1a2c
  spring-watcher-listen (2.1.0) sha256=e958bcd956d1026eb95d16b2ef0e241d1ca35a754628bd45040e3d9954a61949
  sprockets (4.2.1) sha256=951b13dd2f2fcae840a7184722689a803e0ff9d2702d902bd844b196da773f97
  sprockets-rails (3.5.2) sha256=a9e88e6ce9f8c912d349aa5401509165ec42326baf9e942a85de4b76dbc4119e
  stackprof (0.2.27) sha256=aff6d28656c852e74cf632cc2046f849033dc1dedffe7cb8c030d61b5745e80c
  stateful_enum (0.7.0) sha256=bedd5994de3e5d44d943c502ad5c1394202922dad401ec414fcc8feb17689c14
  store_model (4.3.0) sha256=de3aa1fdebf115922ff95fa4c2db38fb756a6c05d4996699362f7ded3e2569e2
  stringio (3.1.7) sha256=5b78b7cb242a315fb4fca61a8255d62ec438f58da2b90be66048546ade4507fa
  strong_migrations (2.5.0) sha256=6100cab81305bb753fafa22fecb24d5c81f8891b617c408930e55e34ab7359df
  swd (2.0.3) sha256=4cdbe2a4246c19f093fce22e967ec3ebdd4657d37673672e621bf0c7eb770655
  thor (1.4.0) sha256=8763e822ccb0f1d7bee88cde131b19a65606657b847cc7b7b4b82e772bcd8a3d
  timecop (0.9.10) sha256=12ba45ce57cdcf6b1043cb6cdffa6381fd89ce10d369c28a7f6f04dc1b0cd8eb
  timeout (0.4.3) sha256=9509f079b2b55fe4236d79633bd75e34c1c1e7e3fb4b56cb5fda61f80a0fe30e
  trailblazer-option (0.1.2) sha256=20e4f12ea4e1f718c8007e7944ca21a329eee4eed9e0fa5dde6e8ad8ac4344a3
  turbo-rails (2.0.16) sha256=d24e1b60f0c575b3549ecda967e5391027143f8220d837ed792c8d48ea0ea38d
  tzinfo (2.0.6) sha256=8daf828cc77bcf7d63b0e3bdb6caa47e2272dcfaf4fbfe46f8c3a9df087a829b
  uber (0.1.0) sha256=5beeb407ff807b5db994f82fa9ee07cfceaa561dad8af20be880bc67eba935dc
  uk_postcode (2.1.8) sha256=470ad343a86a9a8103cfa53e0d1c2e5d6dff09cba5894a33493c547889df0162
  unicode (0.4.4.5) sha256=42f294bfc8e186d29da89d1f766071505a20a22776168a31bb3408e03fa7a9d7
  unicode-display_width (3.1.5) sha256=bf566817855ee7ee3adcf7bace0d5906cb14401417db59193f8a5fcedf02dd4e
  unicode-emoji (4.0.4) sha256=2c2c4ef7f353e5809497126285a50b23056cc6e61b64433764a35eff6c36532a
  uniform_notifier (1.17.0) sha256=db4787ed2ad168ccb0ad4027a45811e1c9e2f8275682fee72697e6ce1c6d6ca7
  uri (1.0.3) sha256=e9f2244608eea2f7bc357d954c65c910ce0399ca5e18a7a29207ac22d8767011
  useragent (0.16.11) sha256=700e6413ad4bb954bb63547fa098dddf7b0ebe75b40cc6f93b8d54255b173844
  validate_url (1.0.15) sha256=72fe164c0713d63a9970bd6700bea948babbfbdcec392f2342b6704042f57451
  view_component (4.0.2) sha256=80eb4a8ecf8ff4cf152aea4821a8748d071a2e3af04f0532efcbf5011e8e9f65
  webfinger (2.1.3) sha256=567a52bde77fb38ca6b67e55db755f988766ec4651c1d24916a65aa70540695c
  webmock (3.25.1) sha256=ab9d5d9353bcbe6322c83e1c60a7103988efc7b67cd72ffb9012629c3d396323
  webrick (1.9.1) sha256=b42d3c94f166f3fb73d87e9b359def9b5836c426fc8beacf38f2184a21b2a989
  webrobots (0.1.2) sha256=ebbcaa2cb4930fa1b83206f432c5cb64746507b2dcf50ea1301569a4d662cda6
  websocket (1.2.11) sha256=b7e7a74e2410b5e85c25858b26b3322f29161e300935f70a0e0d3c35e0462737
  websocket-driver (0.8.0) sha256=ed0dba4b943c22f17f9a734817e808bc84cdce6a7e22045f5315aa57676d4962
  websocket-extensions (0.1.5) sha256=1c6ba63092cda343eb53fc657110c71c754c56484aad42578495227d717a8241
  xpath (3.2.0) sha256=6dfda79d91bb3b949b947ecc5919f042ef2f399b904013eb3ef6d20dd3a4082e
  yabeda (0.13.2) sha256=aa9edfd8afa8b7ced2c3fbb5f5965a138fb17e665a581095a06e42dc4dab48cc
  yabeda-prometheus (0.9.1) sha256=b87d80cae8cffbeb527c25d288eafa8eed9c1fb56cf49616db5c8611768cd5fd
  yabeda-rails (0.10.0) sha256=0a85bd829961494f66241d20192368e5d042f836f91986a1eac02f8dcb04237c
  zeitwerk (2.7.3) sha256=b2e86b4a9b57d26ba68a15230dcc7fe6f040f06831ce64417b0621ad96ba3e85

RUBY VERSION
   ruby 3.4.2p28

BUNDLED WITH
   2.7.1
